GEM
  remote: https://rubygems.org/
  specs:
    debase (0.2.4.1)
      debase-ruby_core_source (>= 0.10.2)
    debase-ruby_core_source (0.10.8)
    mini_portile2 (2.4.0)
    minitest (5.13.0)
    nokogiri (1.10.10)
      mini_portile2 (~> 2.4.0)
    rake (13.0.1)
    ruby-debug-ide (0.7.0)
      rake (>= 0.8.1)

PLATFORMS
  ruby

DEPENDENCIES
  debase (~> 0.2.4)
  minitest (~> 5.13)
  nokogiri (~> 1.10)
  ruby-debug-ide (~> 0.7.0)

BUNDLED WITH
   1.17.3
